GEM
  remote: https://rubygems.org/
  specs:
    git (1.3.0)
    rake (11.2.2)
    version (1.0.0)

PLATFORMS
  ruby

DEPENDENCIES
  git (~> 1.3.0)
  rake (~> 11.2.2)
  version (~> 1.0.0)

BUNDLED WITH
   1.12.1
